GEM
  remote: https://rubygems.org/
  specs:
    activesupport (4.2.0)
      i18n (~> 0.7)
      json (~> 1.7, >= 1.7.7)
      minitest (~> 5.1)
      thread_safe (~> 0.3, >= 0.3.4)
      tzinfo (~> 1.1)
    byebug (3.4.2)
      columnize (~> 0.8)
      debugger-linecache (~> 1.2)
      slop (~> 3.6)
    coderay (1.1.0)
    columnize (0.8.9)
    debugger-linecache (1.2.0)
    github-markup (1.3.1)
      posix-spawn (~> 0.3.8)
    i18n (0.7.0)
    json (1.8.2)
    kramdown (1.5.0)
    logutils (0.6.1)
    markdown (1.2.0)
      kramdown (>= 1.5.0)
      props (>= 1.1.2)
      textutils (>= 0.10.0)
    method_source (0.8.2)
    minitest (5.5.1)
    posix-spawn (0.3.9)
    props (1.1.2)
    pry (0.10.1)
      coderay (~> 1.1.0)
      method_source (~> 0.8.1)
      slop (~> 3.4)
    pry-byebug (2.0.0)
      byebug (~> 3.4)
      pry (~> 0.10)
    rack (1.6.0)
    rubyzip (1.1.6)
    shotgun (0.9)
      rack (>= 1.0)
    slop (3.6.0)
    textutils (1.0.1)
      activesupport
      logutils (>= 0.6.1)
      props (>= 1.1.2)
      rubyzip
    thread_safe (0.3.4)
    tzinfo (1.2.2)
      thread_safe (~> 0.1)

PLATFORMS
  ruby

DEPENDENCIES
  github-markup
  markdown
  pry
  pry-byebug
  rack
  shotgun
